GEM
  remote: https://rubygems.org/
  specs:
    haml (3.1.4)
    kgio (2.9.2)
    rack (1.4.1)
    rack-protection (1.2.0)
      rack
    raindrops (0.13.0)
    redcarpet (2.1.0)
    sinatra (1.3.2)
      rack (~> 1.3, >= 1.3.6)
      rack-protection (~> 1.2)
      tilt (~> 1.3, >= 1.3.3)
    tilt (1.3.3)
    unicorn (4.8.3)
      kgio (~> 2.6)
      rack
      raindrops (~> 0.7)

PLATFORMS
  ruby

DEPENDENCIES
  haml
  redcarpet
  sinatra
  unicorn
